GIT
  remote: git://github.com/johnlinvc/erlport-ast_mapping.git
  revision: 6231d81b6101919dd886bc42bcf8d0c76c8cd9b3
  branch: ruby_2_3
  specs:
    erlport-ast_mapping (0.1.0)
      ast
      erruby_parser (~> 2.3)

GIT
  remote: git://github.com/johnlinvc/guard-rebar.git
  revision: 77c6e404283477fec27d1dcb71c65d1fcdbf94f5
  branch: feature/update_to_guard_2_13
  specs:
    guard-rebar (1.1.1)
      guard (~> 2.13)
      guard-compat (~> 1.1)

GEM
  remote: https://rubygems.org/
  specs:
    ast (2.3.0)
    coderay (1.1.0)
    erruby_parser (2.3.1.2)
      ast (~> 2.2)
    ffi (1.9.10)
    formatador (0.2.5)
    guard (2.13.0)
      formatador (>= 0.2.4)
      listen (>= 2.7, <= 4.0)
      lumberjack (~> 1.0)
      nenv (~> 0.1)
      notiffany (~> 0.0)
      pry (>= 0.9.12)
      shellany (~> 0.0)
      thor (>= 0.18.1)
    guard-compat (1.2.1)
    guard-shell (0.7.1)
      guard (>= 2.0.0)
      guard-compat (~> 1.0)
    listen (3.0.3)
      rb-fsevent (>= 0.9.3)
      rb-inotify (>= 0.9)
    lumberjack (1.0.9)
    method_source (0.8.2)
    nenv (0.2.0)
    notiffany (0.0.8)
      nenv (~> 0.1)
      shellany (~> 0.0)
    pry (0.10.2)
      coderay (~> 1.1.0)
      method_source (~> 0.8.1)
      slop (~> 3.4)
    rb-fsevent (0.9.6)
    rb-inotify (0.9.5)
      ffi (>= 0.5.0)
    shellany (0.0.1)
    slop (3.6.0)
    thor (0.19.1)

PLATFORMS
  ruby

DEPENDENCIES
  erlport-ast_mapping!
  guard
  guard-rebar!
  guard-shell

RUBY VERSION
   ruby 2.3.1p112

BUNDLED WITH
   1.12.5
